GEM
  remote: https://rubygems.org/
  specs:
    byebug (11.0.1)
    minitest (5.11.3)
    minitest-byebug (0.0.3)
      byebug
      minitest (~> 5.0)
    ruby2d (0.9.2)

PLATFORMS
  x64-mingw32

DEPENDENCIES
  minitest (~> 5)
  minitest-byebug
  ruby2d (~> 0.9.2)

BUNDLED WITH
   1.17.2
